GIT
  remote: git://github.com/argerim/select2-rails.git
  revision: e6c7452d3efb54f99b32ec5ff4f8102aa0e91742
  specs:
    select2-rails (3.3.1)
      sass-rails (>= 3.2)
      thor (~> 0.14)

GIT
  remote: git://github.com/jsqu99/spree_flexi_variants.git
  revision: 7d3dba036a2ca45c33fb9e48a6935a8c1c2dc15d
  specs:
    spree_flexi_variants (1.0.0)
      carrierwave
      json
      mini_magick
      spree_core (~> 1.2)

GIT
  remote: git://github.com/lilleyt/spree.git
  revision: ff07e542cce311536929b0f365f2826f3802ee48
  branch: develop
  specs:
    spree (1.3.3.beta)
      spree_api (= 1.3.3.beta)
      spree_cmd (= 1.3.3.beta)
      spree_core (= 1.3.3.beta)
      spree_dash (= 1.3.3.beta)
      spree_promo (= 1.3.3.beta)
      spree_sample (= 1.3.3.beta)
    spree_api (1.3.3.beta)
      spree_core (= 1.3.3.beta)
      versioncake (= 0.4.0)
    spree_cmd (1.3.3.beta)
      thor (>= 0.14.6)
    spree_core (1.3.3.beta)
      activemerchant (~> 1.31)
      acts_as_list (= 0.1.4)
      awesome_nested_set (= 2.1.5)
      aws-sdk (~> 1.3.4)
      cancan (= 1.6.8)
      deface (>= 0.9.0)
      ffaker (~> 1.12.0)
      highline (= 1.6.11)
      jquery-rails (~> 2.2.0)
      json (>= 1.5.5)
      kaminari (= 0.13.0)
      money (= 5.0.0)
      paperclip (~> 2.8)
      rabl (= 0.7.2)
      rails (~> 3.2.12)
      ransack (= 0.7.2)
      select2-rails (~> 3.2)
      state_machine (= 1.1.2)
      stringex (~> 1.3.2)
      truncate_html (~> 0.5.5)
    spree_dash (1.3.3.beta)
      httparty (~> 0.8.1)
      spree_core (= 1.3.3.beta)
    spree_promo (1.3.3.beta)
      spree_core (= 1.3.3.beta)
    spree_sample (1.3.3.beta)
      spree_core (= 1.3.3.beta)

GIT
  remote: git://github.com/lilleyt/spree_dibs_referral.git
  revision: 3c38f1b183d90962e2302055e8808c747ce40730
  specs:
    spree_dibs_referral (1.2.0)
      spree_core (~> 1.3.0)

GIT
  remote: git://github.com/lilleyt/spree_email_to_friend.git
  revision: 41070f120676883d2a6ff2e367e3b65e8a533d52
  branch: 1-3-stable
  specs:
    spree_email_to_friend (1.3)
      recaptcha (>= 0.3.1)
      spree_core (~> 1.3.0)

GIT
  remote: git://github.com/lilleyt/spree_print_invoice.git
  revision: b6d7ba6de2964fdfa91453a79303673d6d0d0b90
  branch: 1-3-stable
  specs:
    spree_print_invoice (1.0.0)
      prawn (= 0.8.4)
      spree_core (~> 1.3.0)

GIT
  remote: git://github.com/spree/spree_auth_devise.git
  revision: 78342b5fa7c5a378d5c2283bde654d9e140077fb
  branch: 1-3-stable
  specs:
    spree_auth_devise (1.0.0)
      cancan (~> 1.6.7)
      devise (~> 2.2.3)
      devise-encryptable (= 0.1.1)
      spree_core

GIT
  remote: git://github.com/spree/spree_gateway.git
  revision: 71fe33eee66969b08ce05eb309894e75cf48099f
  branch: 1-3-stable
  specs:
    spree_gateway (1.2.0.rc2)
      savon
      spree_core (~> 1.0)

GEM
  remote: https://rubygems.org/
  specs:
    actionmailer (3.2.13)
      actionpack (= 3.2.13)
      mail (~> 2.5.3)
    actionpack (3.2.13)
      activemodel (= 3.2.13)
      activesupport (= 3.2.13)
      builder (~> 3.0.0)
      erubis (~> 2.7.0)
      journey (~> 1.0.4)
      rack (~> 1.4.5)
      rack-cache (~> 1.2)
      rack-test (~> 0.6.1)
      sprockets (~> 2.2.1)
    active_utils (1.0.5)
      activesupport (>= 2.3.11)
      i18n
    activemerchant (1.32.1)
      active_utils (>= 1.0.2)
      activesupport (>= 2.3.14)
      builder (>= 2.0.0)
      i18n
      json (>= 1.5.1)
      money
      nokogiri
    activemodel (3.2.13)
      activesupport (= 3.2.13)
      builder (~> 3.0.0)
    activerecord (3.2.13)
      activemodel (= 3.2.13)
      activesupport (= 3.2.13)
      arel (~> 3.0.2)
      tzinfo (~> 0.3.29)
    activeresource (3.2.13)
      activemodel (= 3.2.13)
      activesupport (= 3.2.13)
    activesupport (3.2.13)
      i18n (= 0.6.1)
      multi_json (~> 1.0)
    acts_as_list (0.1.4)
    akami (1.2.0)
      gyoku (>= 0.4.0)
      nokogiri (>= 1.4.0)
    arel (3.0.2)
    awesome_nested_set (2.1.5)
      activerecord (>= 3.0.0)
    aws-sdk (1.3.9)
      httparty (~> 0.7)
      json (~> 1.4)
      nokogiri (>= 1.4.4)
      uuidtools (~> 2.1)
    bcrypt-ruby (3.0.1)
    builder (3.0.4)
    cancan (1.6.8)
    capistrano (2.14.2)
      highline
      net-scp (>= 1.0.0)
      net-sftp (>= 2.0.0)
      net-ssh (>= 2.0.14)
      net-ssh-gateway (>= 1.1.0)
    carrierwave (0.8.0)
      activemodel (>= 3.2.0)
      activesupport (>= 3.2.0)
    climate_control (0.0.3)
      activesupport (>= 3.0)
    cocaine (0.5.1)
      climate_control (>= 0.0.3, < 1.0)
    coffee-rails (3.2.2)
      coffee-script (>= 2.2.0)
      railties (~> 3.2.0)
    coffee-script (2.2.0)
      coffee-script-source
      execjs
    coffee-script-source (1.6.1)
    deface (0.9.1)
      nokogiri (~> 1.5.0)
      rails (~> 3.1)
    devise (2.2.3)
      bcrypt-ruby (~> 3.0)
      orm_adapter (~> 0.1)
      railties (~> 3.1)
      warden (~> 1.2.1)
    devise-encryptable (0.1.1)
      devise (>= 2.1.0.rc)
    erubis (2.7.0)
    execjs (1.4.0)
      multi_json (~> 1.0)
    ffaker (1.12.1)
    foreman (0.61.0)
      thor (>= 0.13.6)
    gyoku (1.0.0)
      builder (>= 2.1.2)
    highline (1.6.11)
    hike (1.2.1)
    httparty (0.8.3)
      multi_json (~> 1.0)
      multi_xml
    httpi (2.0.2)
      rack
    i18n (0.6.1)
    journey (1.0.4)
    jquery-rails (2.2.1)
      railties (>= 3.0, < 5.0)
      thor (>= 0.14, < 2.0)
    json (1.7.7)
    kaminari (0.13.0)
      actionpack (>= 3.0.0)
      activesupport (>= 3.0.0)
      railties (>= 3.0.0)
    kgio (2.8.0)
    libv8 (3.11.8.13)
    mail (2.5.3)
      i18n (>= 0.4.0)
      mime-types (~> 1.16)
      treetop (~> 1.4.8)
    mime-types (1.22)
    mini_magick (3.5.0)
      subexec (~> 0.2.1)
    money (5.0.0)
      i18n (~> 0.4)
      json
    multi_json (1.7.2)
    multi_xml (0.5.3)
    mysql2 (0.3.11)
    net-scp (1.1.0)
      net-ssh (>= 2.6.5)
    net-sftp (2.1.1)
      net-ssh (>= 2.6.5)
    net-ssh (2.6.6)
    net-ssh-gateway (1.2.0)
      net-ssh (>= 2.6.5)
    nokogiri (1.5.9)
    nori (2.0.4)
    orm_adapter (0.4.0)
    paperclip (2.8.0)
      activerecord (>= 2.3.0)
      activesupport (>= 2.3.2)
      cocaine (>= 0.0.2)
      mime-types
    polyamorous (0.5.0)
      activerecord (~> 3.0)
    polyglot (0.3.3)
    prawn (0.8.4)
      prawn-core (>= 0.8.4, < 0.9)
      prawn-layout (>= 0.8.4, < 0.9)
      prawn-security (>= 0.8.4, < 0.9)
    prawn-core (0.8.4)
    prawn-layout (0.8.4)
    prawn-security (0.8.4)
    rabl (0.7.2)
      activesupport (>= 2.3.14)
      multi_json (~> 1.0)
    rack (1.4.5)
    rack-cache (1.2)
      rack (>= 0.4)
    rack-ssl (1.3.3)
      rack
    rack-test (0.6.2)
      rack (>= 1.0)
    rails (3.2.13)
      actionmailer (= 3.2.13)
      actionpack (= 3.2.13)
      activerecord (= 3.2.13)
      activeresource (= 3.2.13)
      activesupport (= 3.2.13)
      bundler (~> 1.0)
      railties (= 3.2.13)
    railties (3.2.13)
      actionpack (= 3.2.13)
      activesupport (= 3.2.13)
      rack-ssl (~> 1.3.2)
      rake (>= 0.8.7)
      rdoc (~> 3.4)
      thor (>= 0.14.6, < 2.0)
    raindrops (0.10.0)
    rake (10.0.4)
    ransack (0.7.2)
      actionpack (~> 3.0)
      activerecord (~> 3.0)
      polyamorous (~> 0.5.0)
    rdoc (3.12.2)
      json (~> 1.4)
    recaptcha (0.3.5)
    ref (1.0.2)
    sass (3.2.7)
    sass-rails (3.2.6)
      railties (~> 3.2.0)
      sass (>= 3.1.10)
      tilt (~> 1.3)
    savon (2.1.0)
      akami (~> 1.2.0)
      builder (>= 2.1.2)
      gyoku (~> 1.0.0)
      httpi (~> 2.0.2)
      nokogiri (>= 1.4.0)
      nori (~> 2.0.3)
      wasabi (~> 3.0.0)
    sprockets (2.2.2)
      hike (~> 1.2)
      multi_json (~> 1.0)
      rack (~> 1.0)
      tilt (~> 1.1, != 1.3.0)
    state_machine (1.1.2)
    stringex (1.3.3)
    subexec (0.2.2)
    therubyracer (0.11.4)
      libv8 (~> 3.11.8.12)
      ref
    thor (0.18.1)
    tilt (1.3.6)
    treetop (1.4.12)
      polyglot
      polyglot (>= 0.3.1)
    truncate_html (0.5.5)
    tzinfo (0.3.37)
    uglifier (1.3.0)
      execjs (>= 0.3.0)
      multi_json (~> 1.0, >= 1.0.2)
    unicorn (4.6.2)
      kgio (~> 2.6)
      rack
      raindrops (~> 0.7)
    uuidtools (2.1.3)
    versioncake (0.4.0)
      actionpack (>= 3.0)
      activesupport (>= 3.0)
      railties (>= 3.0)
    warden (1.2.1)
      rack (>= 1.0)
    wasabi (3.0.0)
      httpi (~> 2.0)
      nokogiri (>= 1.4.0)

PLATFORMS
  ruby

DEPENDENCIES
  capistrano
  coffee-rails (~> 3.2.1)
  devise-encryptable
  foreman
  jquery-rails
  mysql2
  rails (= 3.2.13)
  sass-rails (~> 3.2.3)
  select2-rails!
  spree!
  spree_auth_devise!
  spree_dibs_referral!
  spree_email_to_friend!
  spree_flexi_variants!
  spree_gateway!
  spree_print_invoice!
  therubyracer
  uglifier (>= 1.0.3)
  unicorn
